GEM
  remote: https://rubygems.org/
  specs:
    mustache (1.0.2)
    rmagick (2.15.4)
    rubyzip (1.3.0)

PLATFORMS
  ruby

DEPENDENCIES
  mustache
  rmagick
  rubyzip

BUNDLED WITH
   1.13.2
